GIT
  remote: ccrypto
  revision: e1fbd3dfa68e652d96b184f055cd18f5530dbd7d
  branch: main
  specs:
    ccrypto (0.1.0)
      tlogger
      toolrack

GIT
  remote: ccrypto-java
  revision: 3b95f1d7c4f0dc5d4a6a01c4cd605ba118c9c4f5
  branch: main
  specs:
    ccrypto-java (0.1.0)

PATH
  remote: .
  specs:
    ccipher_factory (0.1.0)
      tlogger

GIT
  remote: toolrack
  revision: c43ad0feb5faba274a53f16636c0519b3c080cdd
  branch: master
  specs:
    toolrack (0.18.5)
      base58
      tlogger

GEM
  remote: https://rubygems.org/
  specs:
    base58 (0.2.3)
    diff-lcs (1.5.0)
    rake (13.0.6)
    rspec (3.11.0)
      rspec-core (~> 3.11.0)
      rspec-expectations (~> 3.11.0)
      rspec-mocks (~> 3.11.0)
    rspec-core (3.11.0)
      rspec-support (~> 3.11.0)
    rspec-expectations (3.11.0)
      diff-lcs (>= 1.2.0, < 2.0)
      rspec-support (~> 3.11.0)
    rspec-mocks (3.11.0)
      diff-lcs (>= 1.2.0, < 2.0)
      rspec-support (~> 3.11.0)
    rspec-support (3.11.0)
    tlogger (0.26.3)

PLATFORMS
  universal-java-11
  x86_64-linux

DEPENDENCIES
  ccipher_factory!
  ccrypto!
  ccrypto-java!
  rake (~> 13.0)
  rspec (~> 3.0)
  toolrack!

BUNDLED WITH
   2.3.6
