GIT
  remote: binenc
  revision: 7e878fc01b5ff5a5ab73503fe2ca9fb24d825423
  branch: master
  specs:
    binenc (0.1.0)
      teLogger
      toolrack

GIT
  remote: binenc-java
  revision: 8ee965e21da1bf1cebb5b4068b798b715eff6968
  branch: master
  specs:
    binenc-java (0.1.0)
      teLogger
      toolrack

GIT
  remote: ccrypto
  revision: 00f0b61a565e75d297c42dc20e01aac167df2a1a
  branch: main
  specs:
    ccrypto (0.1.0)
      teLogger
      toolrack

GIT
  remote: ccrypto-java
  revision: fa86a03c24b704d3a162d42a5c19f06893b05cef
  branch: main
  specs:
    ccrypto-java (0.1.0)

PATH
  remote: .
  specs:
    ccipher_factory (0.1.0)
      tlogger

GEM
  remote: https://rubygems.org/
  specs:
    base58 (0.2.3)
    diff-lcs (1.5.0)
    rake (13.0.6)
    rspec (3.11.0)
      rspec-core (~> 3.11.0)
      rspec-expectations (~> 3.11.0)
      rspec-mocks (~> 3.11.0)
    rspec-core (3.11.0)
      rspec-support (~> 3.11.0)
    rspec-expectations (3.11.0)
      diff-lcs (>= 1.2.0, < 2.0)
      rspec-support (~> 3.11.0)
    rspec-mocks (3.11.0)
      diff-lcs (>= 1.2.0, < 2.0)
      rspec-support (~> 3.11.0)
    rspec-support (3.11.0)
    teLogger (0.1.0)
    tlogger (0.26.3)
    toolrack (0.18.6)
      base58
      tlogger

PLATFORMS
  universal-java-11

DEPENDENCIES
  binenc!
  binenc-java!
  ccipher_factory!
  ccrypto!
  ccrypto-java!
  rake (~> 13.0)
  rspec (~> 3.0)

BUNDLED WITH
   2.3.6
