GIT
  remote: binenc
  revision: 7e878fc01b5ff5a5ab73503fe2ca9fb24d825423
  branch: master
  specs:
    binenc (0.1.0)
      teLogger
      toolrack

GIT
  remote: binenc-ruby
  revision: 099b4f08d3f862319671cda963bc86f6d0202e1a
  branch: master
  specs:
    binenc-ruby (0.1.0)
      teLogger
      toolrack

GIT
  remote: ccrypto
  revision: 00f0b61a565e75d297c42dc20e01aac167df2a1a
  branch: main
  specs:
    ccrypto (0.1.0)
      teLogger
      toolrack

GIT
  remote: ccrypto-ruby
  revision: 1e3319717ddf527eb833bcf4bb966a41b4fee685
  branch: main
  specs:
    ccrypto-ruby (0.1.0)
      teLogger
      toolrack

PATH
  remote: .
  specs:
    ccipher_factory (0.1.0)
      tlogger

GEM
  remote: https://rubygems.org/
  specs:
    base58 (0.2.3)
    diff-lcs (1.5.0)
    rake (13.0.6)
    rspec (3.11.0)
      rspec-core (~> 3.11.0)
      rspec-expectations (~> 3.11.0)
      rspec-mocks (~> 3.11.0)
    rspec-core (3.11.0)
      rspec-support (~> 3.11.0)
    rspec-expectations (3.11.0)
      diff-lcs (>= 1.2.0, < 2.0)
      rspec-support (~> 3.11.0)
    rspec-mocks (3.11.0)
      diff-lcs (>= 1.2.0, < 2.0)
      rspec-support (~> 3.11.0)
    rspec-support (3.11.0)
    teLogger (0.1.0)
    tlogger (0.26.3)
    toolrack (0.18.6)
      base58
      tlogger

PLATFORMS
  x86_64-linux

DEPENDENCIES
  binenc!
  binenc-ruby!
  ccipher_factory!
  ccrypto!
  ccrypto-ruby!
  rake (~> 13.0)
  rspec (~> 3.0)

BUNDLED WITH
   2.2.28
